GIT
  remote: git://github.com/metaskills/pdf-writer.git
  revision: 7f5bc6c9ce69c26574bbfde36ebdb9ecf06709d0
  specs:
    pdf-writer (1.2.3)
      color (>= 1.4.0)
      transaction-simple (~> 1.3)

GEM
  remote: http://rubygems.org/
  specs:
    actionmailer (2.3.17)
      actionpack (= 2.3.17)
    actionpack (2.3.17)
      activesupport (= 2.3.17)
      rack (~> 1.1.0)
    activerecord (2.3.17)
      activesupport (= 2.3.17)
    activeresource (2.3.17)
      activesupport (= 2.3.17)
    activesupport (2.3.17)
    color (1.4.1)
    extensions (0.6.0)
    hoe (3.22.1)
      rake (>= 0.8, < 15.0)
    i18n (0.4.2)
    money (2.2.0)
    mysql2 (0.2.18)
    rack (1.1.6)
    rails (2.3.17)
      actionmailer (= 2.3.17)
      actionpack (= 2.3.17)
      activerecord (= 2.3.17)
      activeresource (= 2.3.17)
      activesupport (= 2.3.17)
      rake (>= 0.8.3)
    rake (13.0.1)
    slimtimer4r (0.2.4)
    test-unit (1.2.3)
      hoe (>= 1.5.1)
    transaction-simple (1.4.0.2)

PLATFORMS
  ruby

DEPENDENCIES
  extensions (= 0.6.0)
  i18n (= 0.4.2)
  money (= 2.2.0)
  mysql2 (~> 0.2.7)
  pdf-writer!
  rails (= 2.3.17)
  rake (= 13.0.1)
  slimtimer4r (= 0.2.4)
  test-unit (= 1.2.3)
